GEM
  remote: https://rubygems.org/
  specs:
    async (1.23.0)
      console (~> 1.0)
      nio4r (~> 2.3)
      timers (~> 4.1)
    async-dns (1.2.4)
      async-io (~> 1.15)
    async-io (1.27.0)
      async (~> 1.14)
    byebug (11.0.1)
    coderay (1.1.2)
    console (1.6.0)
    method_source (0.9.2)
    nio4r (2.5.2)
    pry (0.12.2)
      coderay (~> 1.1.0)
      method_source (~> 0.9.0)
    pry-byebug (3.7.0)
      byebug (~> 11.0)
      pry (~> 0.10)
    timers (4.3.0)

PLATFORMS
  ruby

DEPENDENCIES
  async-dns
  pry-byebug

BUNDLED WITH
   2.0.2
